##TITLE= Parameter file, TOPSPIN		Version 1.3
##JCAMPDX= 5.0
##DATATYPE= Parameter Values
##ORIGIN= Bruker BioSpin GmbH
##OWNER= Administrator
$$ 2015-09-06 14:02:57.312 +0100  Administrator@B500B07
$$ F:/Research/2015/MF/data/PSYCHE_CPMG/nmr/Cyclosporin/2/scon
##$BLKPA= (0..15)
3 3 3 3 3 3 3 3 3 3 3 3 3 3 3 3 
##$BLKTR= (0..15)
3 3 3 3 3 3 3 3 3 3 3 3 3 3 3 3 
##$DE1= 2
##$DE2= 2
##$DEADC= 4
##$DEPA= 2
##$DERX= 3
##$PHASP4= (0..15)
0.5 0.5 0.5 0.5 0.5 0.5 0.5 0.5 0.5 0.5 0.5 0.5 0.5 0.5 0.5 0.5 
##$PHASPR= (0..15)
3 3 3 3 3 3 3 3 3 3 3 3 3 3 3 3 
##$SHAPPR= (0..15)
1.6 1.6 1.6 1.6 1.6 1.6 1.6 1.6 1.6 1.6 1.6 1.6 1.6 1.6 1.6 1.6 
##END=
