##TITLE= Parameter file, TopSpin 3.6.2
##JCAMPDX= 5.0
##DATATYPE= Parameter Values
##NPOINTS= 71552	$$ modification sequence number
##ORIGIN= Bruker BioSpin GmbH
##OWNER= nmrsu
$$ 2021-09-10 00:42:32.564 +0100  CHEM\nmr-user@CUTTLEFISH-CRL
$$ C:/Bruker/TopSpin3.6.2/conf/instr/av700/specpar
$$ process C:\Bruker\TopSpin3.6.2\prog\mod\hconfserver.exe
##$HPPRECH= (0..15)
-1 -1 -1 -1 -1 -1 -1 -1 -1 -1 -1 -1 -1 -1 -1 -1
##$HPSELECT= no
##$NUC1= 1
##$NUC2= 10
##$NUC3= 0
##$NUC4= 0
##$NUC5= 0
##$NUC6= 0
##$NUC7= 0
##$NUC8= 0
##$NUCARR= (0..123)
699.85 699.85 107.431236107 746.487822039 533.141789844 102.990527871 271.988283304
98.341613281 75.189490513 224.539692039 175.97742247 50.556359173 70.915184632
94.874864314 658.516935984 55.248230556 185.12362215 42.842262548 182.358927711
139.040508219 283.304472887 53.720486 68.570666136 57.077841413 32.657611441
17.925293043 47.100107956 170.005791379 39.454281699 39.464800444 69.777207536
184.081181578 39.558993256 173.487342173 22.659589333 166.053927389 62.538952924
185.568537791 198.783245461 43.788235796 167.973475969 213.431182944 24.412972528
119.832614079 133.471983731 36.516227417 175.34027903 189.005116223 26.9274286
67.570118586 228.994097319 30.330253267 34.294035703 65.060141553 171.296475745
45.608706611 46.565884458 157.524519511 32.229149274 36.121840946 22.300349329
32.02583585 28.328661271 32.567750701 148.47653678 155.318935238 153.027486368
153.355534056 228.982164876 249.372364611 260.978488052 167.478143134 90.695080174
183.148939387 220.801058346 140.022390771 194.629586721 57.695081119 91.793319787
69.526297314 77.773826608 92.34030855 98.858298539 214.29407 38.141825
23.51496 29.183745 24.07484 173.98271 76.84353 21.485395 28.203955 168.24394
24.07484 33.73277 149.34799 20.15568 58.017565 122.468893041 33.7397685
79.810894 56.9048035 28.0429895 17.6152245 83.9092156 29.158459419 157.6384131
159.2270726 15.972893504 54.3461519 12.023423 13.0941935 150.445242824
12.1004065 125.348887767 46.271163626 399.7767152 403.700340243 146.412812101
112.460912068 12.8870379 100 100 100
##$NUCOFFS= (0..127)
<1H> <13C> <2H> <15N> <31P> <14N> <3He> <> <> <> <> <> <> <> <> <> <> <>
<> <> <> <> <> <> <> <> <> <> <> <> <> <> <> <> <> <> <> <> <> <> <> <>
<> <> <> <> <> <> <> <> <> <> <> <> <> <> <> <> <> <> <> <> <> <> <> <>
<> <> <> <> <> <> <> <> <> <> <> <> <> <> <> <> <> <> <> <> <> <> <> <>
<> <> <> <> <> <> <> <> <> <> <> <> <> <> <> <> <> <> <> <> <> <> <> <>
<> <> <> <> <> <> <> <> <> <> <> <> <> <>
##$OFFS= (0..127)
3289.95 14081.01 0 0 0 0 0 0 0 0 0 0 0 0 0 0 0 0 0 0 0 0 0 0 0 0 0 0 0
0 0 0 0 0 0 0 0 0 0 0 0 0 0 0 0 0 0 0 0 0 0 0 0 0 0 0 0 0 0 0 0 0 0 0 0
0 0 0 0 0 0 0 0 0 0 0 0 0 0 0 0 0 0 0 0 0 0 0 0 0 0 0 0 0 0 0 0 0 0 0 0
0 0 0 0 0 0 0 0 0 0 0 0 0 0 0 0 0 0 0 0 0 0 0 0 0 0 0
##$OFFSF= (0..7)
0 0 0 0 0 0 0 0
##$OFFSH= (0..7)
3500.00000003092 1594.6 0 0 0 0 0 0
##$OFFSX= (0..7)
7545.09999998731 6081.10000000295 510.4 0 0 0 0 0
##$PRECHAN= (0..15)
-1 2 0 1 3 -1 -1 -1 -1 -1 -1 -1 -1 -1 -1 -1
##$RECPRE= (0..15)
-1 2 0 -1 -1 -1 -1 -1 -1 -1 -1 -1 -1 -1 -1 -1
##$RECPRFX= (0..15)
1 0 1 0 0 0 0 0 0 0 0 0 0 0 0 0
##$RECSEL= (0..15)
0 1 0 0 2 0 0 0 0 0 0 0 0 0 0 0
##$SELREC= (0..9)
0 0 0 0 0 0 0 0 0 0
##$SFO1= 699.852799
##$SFO2= 175.991503
##$SFO3= 699.85
##$SFO4= 699.85
##$SFO5= 699.853499
##$SFO6= 699.853499
##$SFO7= 699.853499
##$SFO8= 699.853499
##END=
