##TITLE= Parameter file, TOPSPIN
##JCAMPDX= 5.0
##DATATYPE= Parameter Values
##ORIGIN= NMR-EsPy
##OWNER= <OWNER>
<TIMESTAMP>
<PATH>
##$AQ_mod= 3
##$BF1= <BF1>
##$BYTORDA= 0
##$DATE= <DATE>
##$DTYPA= 0
##$NC= <NC>
##$NUC1= <NUC1>
##$O1= <O1>
##$PARMODE= <PARMODE>
##$SFO1= <SFO1>
##$SW= <SW>
##$SW_h= <SW_h>
##$TD= <TD>
##END=
